GIT
  remote: http://github.com/bsiggelkow/ruby-web-search.git
  revision: e4c06b5b476ac33d39122e2f1f549733e12fea9c
  specs:
    ruby-web-search (0.0.2)
      json

GEM
  remote: http://rubygems.org/
  specs:
    daemons (1.1.4)
    eventmachine (0.12.10)
    haml (3.1.2)
    json (1.5.3)
    rack (1.3.2)
    sinatra (1.2.6)
      rack (~> 1.1)
      tilt (>= 1.2.2, < 2.0)
    thin (1.2.11)
      daemons (>= 1.0.9)
      eventmachine (>= 0.12.6)
      rack (>= 1.0.0)
    tilt (1.3.2)

PLATFORMS
  ruby

DEPENDENCIES
  haml
  ruby-web-search!
  sinatra
  thin
