GIT
  remote: http://github.com/bsiggelkow/ruby-web-search.git
  revision: e4c06b5b476ac33d39122e2f1f549733e12fea9c
  specs:
    ruby-web-search (0.0.2)
      json

GEM
  remote: http://rubygems.org/
  specs:
    daemons (1.1.4)
    diff-lcs (1.1.3)
    eventmachine (0.12.10)
    haml (3.1.2)
    json (2.3.1)
    rack (1.3.2)
    rack-test (0.6.1)
      rack (>= 1.0)
    rake (0.9.2)
    rspec (2.6.0)
      rspec-core (~> 2.6.0)
      rspec-expectations (~> 2.6.0)
      rspec-mocks (~> 2.6.0)
    rspec-core (2.6.4)
    rspec-expectations (2.6.0)
      diff-lcs (~> 1.1.2)
    rspec-mocks (2.6.0)
    sinatra (1.2.6)
      rack (~> 1.1)
      tilt (>= 1.2.2, < 2.0)
    thin (1.2.11)
      daemons (>= 1.0.9)
      eventmachine (>= 0.12.6)
      rack (>= 1.0.0)
    tilt (1.3.2)

PLATFORMS
  ruby

DEPENDENCIES
  haml
  rack-test
  rake
  rspec
  ruby-web-search!
  sinatra
  thin
